GEM
  remote: https://rubygems.org/
  specs:
    bio (1.5.1)
    mysql2 (0.5.2)
    rake (12.3.3)
    sequel (4.30.0)
    sqlite3 (1.3.13)
    tqdm (0.3.0)

PLATFORMS
  ruby

DEPENDENCIES
  bio (~> 1.5.0)
  mysql2 (~> 0.5.2)
  rake (~> 12.3.3)
  sequel (~> 4.30.0)
  sqlite3 (~> 1.3.13)
  tqdm (~> 0.3.0)

BUNDLED WITH
   2.1.4